PATH
  remote: .
  specs:
    summit-misc (2.1.0)

GEM
  remote: http://summit:Nip4s123@gems.insummit.com/
  remote: http://rubygems.org/
  specs:
    capistrano (2.9.0)
      highline
      net-scp (>= 1.0.0)
      net-sftp (>= 2.0.0)
      net-ssh (>= 2.0.14)
      net-ssh-gateway (>= 1.1.0)
    diff-lcs (1.1.3)
    highline (1.6.8)
    json (1.6.1)
    net-scp (1.0.4)
      net-ssh (>= 1.99.1)
    net-sftp (2.0.5)
      net-ssh (>= 2.0.9)
    net-ssh (2.2.1)
    net-ssh-gateway (1.1.0)
      net-ssh (>= 1.99.1)
    rake (0.9.2.2)
    rdoc (3.11)
      json (~> 1.4)
    rspec (2.7.0)
      rspec-core (~> 2.7.0)
      rspec-expectations (~> 2.7.0)
      rspec-mocks (~> 2.7.0)
    rspec-core (2.7.1)
    rspec-expectations (2.7.0)
      diff-lcs (~> 1.1.2)
    rspec-mocks (2.7.0)
    summit-tools (1.0.0)
      capistrano
    yard (0.8.1)

PLATFORMS
  ruby

DEPENDENCIES
  rake
  rdoc
  rspec
  summit-misc!
  summit-tools
  yard
